PATH
  remote: .
  specs:
    mwiki (0.1.0)

GEM
  remote: https://rubygems.org/
  specs:
    activesupport (6.1.7.1)
      concurrent-ruby (~> 1.0, >= 1.0.2)
      i18n (>= 1.6, < 2)
      minitest (>= 5.1)
      tzinfo (~> 2.0)
      zeitwerk (~> 2.3)
    ast (2.4.2)
    ast_utils (0.1.0)
      parser (~> 2.4)
      thor (~> 0.19.4)
    commander (4.6.0)
      highline (~> 2.0.0)
    concurrent-ruby (1.1.10)
    highline (2.0.3)
    i18n (1.12.0)
      concurrent-ruby (~> 1.0)
    minitest (5.15.0)
    parallel (1.22.1)
    parlour (5.0.0)
      commander (~> 4.5)
      parser
      rainbow (~> 3.0)
      sorbet-runtime (>= 0.5)
    parser (2.7.2.0)
      ast (~> 2.4.1)
    rainbow (3.1.1)
    rake (13.0.6)
    regexp_parser (2.6.2)
    rexml (3.2.5)
    rubocop (1.7.0)
      parallel (~> 1.10)
      parser (>= 2.7.1.5)
      rainbow (>= 2.2.2, < 4.0)
      regexp_parser (>= 1.8, < 3.0)
      rexml
      rubocop-ast (>= 1.2.0, < 2.0)
      ruby-progressbar (~> 1.7)
      unicode-display_width (>= 1.4.0, < 2.0)
    rubocop-ast (1.4.1)
      parser (>= 2.7.1.5)
    rubocop-rake (0.6.0)
      rubocop (~> 1.0)
    ruby-progressbar (1.11.0)
    sorbet-runtime (0.5.10461)
    sord (4.0.0)
      commander (~> 4.5)
      parlour (~> 5.0)
      sorbet-runtime
      yard
    steep (0.1.0.pre2)
      ast_utils (~> 0.1.0)
      parser (~> 2.4)
    thor (0.19.4)
    tzinfo (2.0.5)
      concurrent-ruby (~> 1.0)
    unicode-display_width (1.8.0)
    yard (0.9.26)
    zeitwerk (2.6.6)

PLATFORMS
  ruby

DEPENDENCIES
  mwiki!
  rake
  rubocop
  rubocop-rake
  sord
  steep
  yard

BUNDLED WITH
   2.2.15
