PATH
  remote: .
  specs:
    mwiki (0.1.0)

GEM
  remote: https://rubygems.org/
  specs:
    rake (13.0.1)

PLATFORMS
  ruby

DEPENDENCIES
  mwiki!
  rake (~> 13.0)

BUNDLED WITH
   2.1.4
